NUGET
  remote: https://www.nuget.org/api/v2
  specs:
    Antlr (3.4.1.9004) - framework: >= net451
    bootstrap (3.0.0) - framework: >= net451
      jQuery (>= 1.9.0)
    FAKE (4.17.1)
    FSharp.Compiler.Service (1.4.2.3)
    FSharp.Formatting (2.13.5)
      FSharp.Compiler.Service (>= 1.4.2 < 1.5.0)
      FSharpVSPowerTools.Core (>= 2.2.0 < 2.3.0)
    FSharpVSPowerTools.Core (2.2.0)
      FSharp.Compiler.Service (>= 1.4.2.0)
    jQuery (1.10.2) - framework: >= net451
    jQuery.Validation (1.11.1) - framework: >= net451
      jQuery (>= 1.4.4)
    Microsoft.AspNet.Mvc (5.2.3) - framework: >= net451
      Microsoft.AspNet.Razor (>= 3.2.3 < 3.3.0)
      Microsoft.AspNet.WebPages (>= 3.2.3 < 3.3.0)
    Microsoft.AspNet.Razor (3.2.3) - framework: >= net451
    Microsoft.AspNet.Web.Optimization (1.1.3) - framework: >= net451
      Microsoft.Web.Infrastructure (>= 1.0.0)
      WebGrease (>= 1.5.2)
    Microsoft.AspNet.WebApi (5.2.3) - framework: >= net451
      Microsoft.AspNet.WebApi.WebHost (>= 5.2.3 < 5.3.0)
    Microsoft.AspNet.WebApi.Client (5.2.3) - framework: >= net451
      Newtonsoft.Json (>= 6.0.4) - framework: >= net45, portable-wp80+win+net45+wp81+wpa81
    Microsoft.AspNet.WebApi.Core (5.2.3) - framework: >= net451
      Microsoft.AspNet.WebApi.Client (>= 5.2.3)
    Microsoft.AspNet.WebApi.WebHost (5.2.3) - framework: >= net451
      Microsoft.AspNet.WebApi.Core (>= 5.2.3 < 5.3.0)
    Microsoft.AspNet.WebPages (3.2.3) - framework: >= net451
      Microsoft.AspNet.Razor (>= 3.2.3 < 3.3.0)
      Microsoft.Web.Infrastructure (>= 1.0.0.0)
    Microsoft.Bcl (1.1.10)
      Microsoft.Bcl.Build (>= 1.0.14)
    Microsoft.Bcl.Build (1.0.21) - import_targets: false
    Microsoft.CodeDom.Providers.DotNetCompilerPlatform (1.0.0) - framework: >= net451
      Microsoft.Net.Compilers (>= 1.0.0)
    Microsoft.jQuery.Unobtrusive.Validation (3.2.3) - framework: >= net451
      jQuery (>= 1.8)
      jQuery.Validation (>= 1.8.0.1)
    Microsoft.Net.Compilers (1.0.0) - framework: >= net451
    Microsoft.Net.Http (2.2.29)
      Microsoft.Bcl (>= 1.1.10)
      Microsoft.Bcl.Build (>= 1.0.14)
    Microsoft.Web.Infrastructure (1.0.0) - framework: >= net451
    Modernizr (2.6.2) - framework: >= net451
    Newtonsoft.Json (6.0.4) - framework: >= net451
    NUnit (3.0.1) - framework: >= net452
    NUnit.Console (3.0.1)
    NUnit.Runners (3.0.1)
      NUnit.Console (3.0.1)
    Octokit (0.17.0)
      Microsoft.Net.Http
    Respond (1.2.0) - framework: >= net451
    SourceLink.Fake (1.1.0)
    WebGrease (1.5.2) - framework: >= net451
      Antlr (>= 3.4.1.9004)
      Newtonsoft.Json (>= 5.0.4)
GITHUB
  remote: fsharp/FAKE
  specs:
    modules/Octokit/Octokit.fsx (e537d90b050d02cc287cb64e18b72a8b7e984805)
      Octokit